GEM
  remote: http://rubygems.org/
  specs:
    daemons (1.1.4)
    rake (0.9.2.2)
    rgl (0.4.0)
      rake
      stream (>= 0.5)
    sequel (3.29.0)
    stream (0.5)

PLATFORMS
  ruby

DEPENDENCIES
  daemons
  rgl
  sequel
